GEM
  remote: https://rubygems.org/
  specs:
    rack (1.5.2)
    rack-bug (0.3.0)
      rack (>= 1.0)
    rack-cache (1.2)
      rack (>= 0.4)
    rack-protection (1.5.3)
      rack
    sinatra (1.3.6)
      rack (~> 1.4)
      rack-protection (~> 1.3)
      tilt (~> 1.3, >= 1.3.3)
    tilt (1.4.1)

PLATFORMS
  ruby

DEPENDENCIES
  rack-bug
  rack-cache
  sinatra (~> 1.3.6)
